GEM
  remote: https://rubygems.org/
  specs:
    cinch (2.0.5)
    configatron (2.13.0)
      yamler (>= 0.1.0)
    mini_portile (0.5.0)
    nokogiri (1.6.0)
      mini_portile (~> 0.5.0)
    yamler (0.1.0)

PLATFORMS
  ruby

DEPENDENCIES
  cinch
  configatron
  nokogiri
