GEM
  remote: https://rubygems.org/
  specs:
    bitly (0.9.0)
      httparty (>= 0.7.6)
      multi_json (~> 1.3)
      oauth2 (>= 0.5.0, < 0.9)
    cinch (2.0.5)
    configatron (2.13.0)
      yamler (>= 0.1.0)
    faraday (0.8.7)
      multipart-post (~> 1.1)
    fastimage (1.5.0)
    httparty (0.11.0)
      multi_json (~> 1.0)
      multi_xml (>= 0.5.2)
    httpauth (0.2.0)
    jwt (0.1.8)
      multi_json (>= 1.5)
    mini_portile (0.5.0)
    multi_json (1.7.7)
    multi_xml (0.5.4)
    multipart-post (1.2.0)
    nokogiri (1.6.0)
      mini_portile (~> 0.5.0)
    oauth2 (0.8.1)
      faraday (~> 0.8)
      httpauth (~> 0.1)
      jwt (~> 0.1.4)
      multi_json (~> 1.0)
      rack (~> 1.2)
    rack (1.5.2)
    yamler (0.1.0)

PLATFORMS
  ruby

DEPENDENCIES
  bitly
  cinch
  configatron
  fastimage
  nokogiri
